GEM
  remote: http://rubygems.org/
  specs:
    activesupport (3.1.0)
      multi_json (~> 1.0)
    awesome_print (0.4.0)
    cinch (1.1.3)
    coderay (0.9.8)
    deep_merge (1.0.0)
    i18n (0.6.0)
    method_source (0.6.0)
      ruby_parser (>= 2.0.5)
    mime-types (1.16)
    multi_json (1.0.3)
    net-ldap (0.2.2)
    net-ping (1.5.0)
      net-ldap (~> 0.2.2)
    pry (0.9.3)
      coderay (>= 0.9.8)
      method_source (>= 0.6.0)
      ruby_parser (>= 2.0.5)
      slop (~> 1.9.0)
    redis (2.2.2)
    rest-client (1.6.7)
      mime-types (>= 1.16)
    ruby_parser (2.2.0)
      sexp_processor (~> 3.0)
    sexp_processor (3.0.6)
    slop (1.9.1)

PLATFORMS
  ruby

DEPENDENCIES
  activesupport
  awesome_print
  cinch
  deep_merge
  i18n
  net-ping
  pry
  redis
  rest-client
